GIT
  remote: https://github.com/AlchemyCMS/alchemy-devise
  revision: 14a800bec4f33af7795a0dad9ba9d07510db1944
  branch: 3.5-stable
  specs:
    alchemy-devise (3.5.0)
      alchemy_cms (>= 3.5.0.rc1, < 4.0)
      devise (>= 3.5.4, < 4.0)

GIT
  remote: https://github.com/AlchemyCMS/alchemy_cms
  revision: 76142d94bf0ee1024d83848a4ec08d4252d54f07
  branch: 3.5-stable
  specs:
    alchemy_cms (3.5.0)
      active_model_serializers (~> 0.9.0)
      acts-as-taggable-on (~> 4.0)
      acts_as_list (~> 0.3)
      awesome_nested_set (~> 3.1)
      bourbon (~> 4.2)
      cancancan (~> 1.9)
      coffee-rails (~> 4.0)
      dragonfly (~> 1.0.1)
      dragonfly_svg (~> 0.0.4)
      jquery-rails (~> 4.0)
      jquery-ui-rails (~> 5.0.0)
      kaminari (~> 0.15)
      magiclabs-userstamp (~> 3.0)
      non-stupid-digest-assets (~> 1.0.8)
      rails (>= 4.2.0, < 5.0)
      ransack (~> 1.4)
      request_store (~> 1.2)
      responders (~> 2.0)
      select2-rails (>= 3.5.9.1, < 4.0)
      simple_form (~> 3.0)
      turbolinks (>= 2.5)

GEM
  remote: https://rubygems.org/
  specs:
    actionmailer (4.2.10)
      actionpack (= 4.2.10)
      actionview (= 4.2.10)
      activejob (= 4.2.10)
      mail (~> 2.5, >= 2.5.4)
      rails-dom-testing (~> 1.0, >= 1.0.5)
    actionpack (4.2.10)
      actionview (= 4.2.10)
      activesupport (= 4.2.10)
      rack (~> 1.6)
      rack-test (~> 0.6.2)
      rails-dom-testing (~> 1.0, >= 1.0.5)
      rails-html-sanitizer (~> 1.0, >= 1.0.2)
    actionview (4.2.10)
      activesupport (= 4.2.10)
      builder (~> 3.1)
      erubis (~> 2.7.0)
      rails-dom-testing (~> 1.0, >= 1.0.5)
      rails-html-sanitizer (~> 1.0, >= 1.0.3)
    active_model_serializers (0.9.5)
      activemodel (>= 3.2)
    activejob (4.2.10)
      activesupport (= 4.2.10)
      globalid (>= 0.3.0)
    activemodel (4.2.10)
      activesupport (= 4.2.10)
      builder (~> 3.1)
    activerecord (4.2.10)
      activemodel (= 4.2.10)
      activesupport (= 4.2.10)
      arel (~> 6.0)
    activesupport (4.2.10)
      i18n (~> 0.7)
      minitest (~> 5.1)
      thread_safe (~> 0.3, >= 0.3.4)
      tzinfo (~> 1.1)
    acts-as-taggable-on (4.0.0)
      activerecord (>= 4.0)
    acts_as_list (0.9.7)
      activerecord (>= 3.0)
    addressable (2.5.1)
      public_suffix (~> 2.0, >= 2.0.2)
    airbrake (4.3.8)
      builder
      multi_json
    airbrussh (1.1.1)
      sshkit (>= 1.6.1, != 1.7.0)
    arel (6.0.4)
    awesome_nested_set (3.1.3)
      activerecord (>= 4.0.0, < 5.2)
    bcrypt (3.1.11)
    binding_of_caller (0.7.2)
      debug_inspector (>= 0.0.1)
    bourbon (4.3.4)
      sass (~> 3.4)
      thor (~> 0.19)
    builder (3.2.3)
    cancancan (1.17.0)
    capistrano (3.6.1)
      airbrussh (>= 1.0.0)
      capistrano-harrow
      i18n
      rake (>= 10.0.0)
      sshkit (>= 1.9.0)
    capistrano-alchemy (1.0.0)
      capistrano-rails (~> 1.1)
    capistrano-bundler (1.2.0)
      capistrano (~> 3.1)
      sshkit (~> 1.2)
    capistrano-harrow (0.5.3)
    capistrano-maintenance (1.0.0)
      capistrano (>= 3.0)
    capistrano-passenger (0.2.0)
      capistrano (~> 3.0)
    capistrano-rails (1.2.0)
      capistrano (~> 3.1)
      capistrano-bundler (~> 1.1)
    chunky_png (1.3.8)
    coderay (1.1.1)
    coffee-rails (4.0.1)
      coffee-script (>= 2.2.0)
      railties (>= 4.0.0, < 5.0)
    coffee-script (2.4.1)
      coffee-script-source
      execjs
    coffee-script-source (1.12.2)
    compass (1.0.3)
      chunky_png (~> 1.2)
      compass-core (~> 1.0.2)
      compass-import-once (~> 1.0.5)
      rb-fsevent (>= 0.9.3)
      rb-inotify (>= 0.9)
      sass (>= 3.3.13, < 3.5)
    compass-core (1.0.3)
      multi_json (~> 1.0)
      sass (>= 3.3.0, < 3.5)
    compass-import-once (1.0.5)
      sass (>= 3.2, < 3.5)
    compass-rails (2.0.5)
      compass (~> 1.0.0)
      sass-rails (< 5.1)
      sprockets (< 2.13)
    concurrent-ruby (1.0.5)
    crass (1.0.2)
    daemons (1.2.4)
    debug_inspector (0.0.2)
    devise (3.5.10)
      bcrypt (~> 3.0)
      orm_adapter (~> 0.1)
      railties (>= 3.2.6, < 5)
      responders
      thread_safe (~> 0.1)
      warden (~> 1.2.3)
    dotenv (0.11.1)
      dotenv-deployment (~> 0.0.2)
    dotenv-deployment (0.0.2)
    dotenv-rails (0.11.1)
      dotenv (= 0.11.1)
    dragonfly (1.0.12)
      addressable (~> 2.3)
      multi_json (~> 1.0)
      rack (>= 1.3.0)
    dragonfly_svg (0.0.4)
      dragonfly (~> 1.0)
      nokogiri
    erubis (2.7.0)
    eventmachine (1.2.1)
    execjs (2.7.0)
    ffi (1.9.14)
    globalid (0.4.1)
      activesupport (>= 4.2.0)
    hike (1.2.3)
    i18n (0.9.0)
      concurrent-ruby (~> 1.0)
    jquery-rails (4.2.1)
      rails-dom-testing (>= 1, < 3)
      railties (>= 4.2.0)
      thor (>= 0.14, < 2.0)
    jquery-ui-rails (5.0.5)
      railties (>= 3.2.16)
    kaminari (0.17.0)
      actionpack (>= 3.0.0)
      activesupport (>= 3.0.0)
    kramdown (1.4.2)
    libv8 (5.3.332.38.3)
    loofah (2.1.1)
      crass (~> 1.0.2)
      nokogiri (>= 1.5.9)
    magiclabs-userstamp (3.0)
      actionpack (>= 4.0)
      activerecord (>= 4.0)
    mail (2.6.6)
      mime-types (>= 1.16, < 4)
    method_source (0.8.2)
    mime-types (3.1)
      mime-types-data (~> 3.2015)
    mime-types-data (3.2016.0521)
    mini_portile2 (2.3.0)
    mini_racer (0.1.7)
      libv8 (~> 5.3)
    minitest (5.10.3)
    multi_json (1.12.2)
    net-scp (1.2.1)
      net-ssh (>= 2.6.5)
    net-ssh (3.2.0)
    newrelic_rpm (3.17.2.327)
    nokogiri (1.8.1)
      mini_portile2 (~> 2.3.0)
    non-stupid-digest-assets (1.0.9)
      sprockets (>= 2.0)
    orm_adapter (0.5.0)
    pg (0.19.0)
    polyamorous (1.3.1)
      activerecord (>= 3.0)
    pry (0.10.4)
      coderay (~> 1.1.0)
      method_source (~> 0.8.1)
      slop (~> 3.4)
    public_suffix (2.0.5)
    quiet_assets (1.1.0)
      railties (>= 3.1, < 5.0)
    rack (1.6.8)
    rack-cache (1.6.1)
      rack (>= 0.4)
    rack-test (0.6.3)
      rack (>= 1.0)
    rails (4.2.10)
      actionmailer (= 4.2.10)
      actionpack (= 4.2.10)
      actionview (= 4.2.10)
      activejob (= 4.2.10)
      activemodel (= 4.2.10)
      activerecord (= 4.2.10)
      activesupport (= 4.2.10)
      bundler (>= 1.3.0, < 2.0)
      railties (= 4.2.10)
      sprockets-rails
    rails-deprecated_sanitizer (1.0.3)
      activesupport (>= 4.2.0.alpha)
    rails-dom-testing (1.0.8)
      activesupport (>= 4.2.0.beta, < 5.0)
      nokogiri (~> 1.6)
      rails-deprecated_sanitizer (>= 1.0.1)
    rails-html-sanitizer (1.0.3)
      loofah (~> 2.0)
    railties (4.2.10)
      actionpack (= 4.2.10)
      activesupport (= 4.2.10)
      rake (>= 0.8.7)
      thor (>= 0.18.1, < 2.0)
    rake (12.2.1)
    ransack (1.8.3)
      actionpack (>= 3.0)
      activerecord (>= 3.0)
      activesupport (>= 3.0)
      i18n
      polyamorous (~> 1.3)
    rb-fsevent (0.9.8)
    rb-inotify (0.9.7)
      ffi (>= 0.5.0)
    request_store (1.3.2)
    responders (2.4.0)
      actionpack (>= 4.2.0, < 5.3)
      railties (>= 4.2.0, < 5.3)
    sass (3.4.23)
    sass-rails (5.0.6)
      railties (>= 4.0.0, < 6)
      sass (~> 3.1)
      sprockets (>= 2.8, < 4.0)
      sprockets-rails (>= 2.0, < 4.0)
      tilt (>= 1.1, < 3)
    select2-rails (3.5.10)
      thor (~> 0.14)
    simple_form (3.5.0)
      actionpack (> 4, < 5.2)
      activemodel (> 4, < 5.2)
    slop (3.6.0)
    spring (2.0.0)
      activesupport (>= 4.2)
    sprockets (2.12.4)
      hike (~> 1.2)
      multi_json (~> 1.0)
      rack (~> 1.0)
      tilt (~> 1.1, != 1.3.0)
    sprockets-rails (2.3.3)
      actionpack (>= 3.0)
      activesupport (>= 3.0)
      sprockets (>= 2.8, < 4.0)
    sshkit (1.11.5)
      net-scp (>= 1.1.2)
      net-ssh (>= 2.8.0)
    thin (1.7.0)
      daemons (~> 1.0, >= 1.0.9)
      eventmachine (~> 1.0, >= 1.0.4)
      rack (>= 1, < 3)
    thor (0.20.0)
    thread_safe (0.3.6)
    tilt (1.4.1)
    turbolinks (5.0.1)
      turbolinks-source (~> 5)
    turbolinks-source (5.0.3)
    tzinfo (1.2.4)
      thread_safe (~> 0.1)
    uglifier (3.0.4)
      execjs (>= 0.3.0, < 3)
    warden (1.2.7)
      rack (>= 1.0)
    web-console (2.3.0)
      activemodel (>= 4.0)
      binding_of_caller (>= 0.7.2)
      railties (>= 4.0)
      sprockets-rails (>= 2.0, < 4.0)
    zurb-foundation (4.3.2)
      sass (>= 3.2.0)

PLATFORMS
  ruby

DEPENDENCIES
  active_model_serializers (~> 0.9.5)
  airbrake (~> 4.3.4)
  alchemy-devise!
  alchemy_cms!
  capistrano (= 3.6.1)
  capistrano-alchemy (~> 1.0)
  capistrano-maintenance
  capistrano-passenger
  coffee-rails (~> 4.0.0)
  compass-rails (~> 2.0)
  dotenv-rails (~> 0.11)
  jquery-rails (~> 4.0)
  kramdown (~> 1.4.1)
  mini_racer (~> 0.1.7)
  newrelic_rpm
  pg (~> 0.19)
  pry
  quiet_assets
  rack-cache
  rails (~> 4.2.7)
  sass-rails (~> 5.0)
  spring
  thin
  uglifier (>= 1.3.0)
  web-console (~> 2.0)
  zurb-foundation (~> 4.3.2)

BUNDLED WITH
   1.16.0.pre.3
